GEM
  remote: https://rubygems.org/
  specs:
    albacore (0.3.6)
      rubyzip (< 1.0.0)
    rake (10.1.1)
    rubyzip (0.9.9)
    semver (1.0.1)

PLATFORMS
  x86-mingw32

DEPENDENCIES
  albacore
  rake
  rubyzip (= 0.9.9)
  semver
